PATH
  remote: .
  specs:
    deepthought (0.0.1)

GEM
  remote: https://rubygems.org/
  specs:
    colorize (0.8.1)
    minitest (5.14.4)
    rake (13.0.3)

PLATFORMS
  ruby

DEPENDENCIES
  bundler (~> 1.17)
  colorize (~> 0.8.1)
  deepthought!
  minitest (~> 5.0)
  rake (~> 13.0)

BUNDLED WITH
   1.17.2
